GEM
  remote: https://rubygems.org/
  specs:
    gosu (0.8.7.2)
    minitest (5.5.1)
    rake (10.4.2)

PLATFORMS
  ruby

DEPENDENCIES
  gosu
  minitest
  rake
